GEM
  remote: https://rubygems.org/
  specs:
    activemodel (6.1.7.9)
      activesupport (= 6.1.7.9)
    activemodel-serializers-xml (1.0.3)
      activemodel (>= 5.0.0.a)
      activesupport (>= 5.0.0.a)
      builder (~> 3.1)
    activeresource (5.1.1)
      activemodel (>= 5.0, < 7)
      activemodel-serializers-xml (~> 1.0)
      activesupport (>= 5.0, < 7)
    activesupport (6.1.7.9)
      concurrent-ruby (~> 1.0, >= 1.0.2)
      i18n (>= 1.6, < 2)
      minitest (>= 5.1)
      tzinfo (~> 2.0)
      zeitwerk (~> 2.3)
    addressable (2.3.4)
    builder (3.3.0)
    coderay (1.0.8)
    concurrent-ruby (1.3.4)
    crack (0.3.2)
    diff-lcs (1.2.5)
    i18n (1.14.6)
      concurrent-ruby (~> 1.0)
    method_source (0.8.1)
    minitest (5.25.1)
    pry (0.9.12)
      coderay (~> 1.0.5)
      method_source (~> 0.8)
      slop (~> 3.4)
    rspec (3.0.0)
      rspec-core (~> 3.0.0)
      rspec-expectations (~> 3.0.0)
      rspec-mocks (~> 3.0.0)
    rspec-core (3.0.4)
      rspec-support (~> 3.0.0)
    rspec-expectations (3.0.4)
      diff-lcs (>= 1.2.0, < 2.0)
      rspec-support (~> 3.0.0)
    rspec-mocks (3.0.4)
      rspec-support (~> 3.0.0)
    rspec-support (3.0.4)
    slop (3.4.3)
    tzinfo (2.0.6)
      concurrent-ruby (~> 1.0)
    vcr (2.9.2)
    webmock (1.11.0)
      addressable (>= 2.2.7)
      crack (>= 0.3.2)
    zeitwerk (2.7.1)

PLATFORMS
  ruby

DEPENDENCIES
  activeresource (~> 5.1.1)
  pry
  rspec
  vcr
  webmock
